GEM
  remote: https://rubygems.org/
  specs:
    rake (10.3.0)

PLATFORMS
  ruby

DEPENDENCIES
  rake (= 10.3)
